GEM
  remote: https://rubygems.org/
  specs:
    breakpoint (2.7.1)
      sass (~> 3.3)
      sassy-maps (< 1.0.0)
    chunky_png (1.3.8)
    compass (1.0.0.alpha.19)
      chunky_png (~> 1.2)
      compass-core (~> 1.0.0.alpha.19)
      compass-import-once (~> 1.0.3)
      json
      listen (~> 1.1.0)
      sass (>= 3.3.0, < 3.5)
    compass-core (1.0.3)
      multi_json (~> 1.0)
      sass (>= 3.3.0, < 3.5)
    compass-import-once (1.0.5)
      sass (>= 3.2, < 3.5)
    ffi (1.11.1)
    ffi (1.11.1-x64-mingw32)
    json (2.1.0)
    listen (1.1.6)
      rb-fsevent (>= 0.9.3)
      rb-inotify (>= 0.9)
      rb-kqueue (>= 0.2)
    multi_json (1.12.2)
    rb-fsevent (0.10.2)
    rb-inotify (0.9.10)
      ffi (>= 0.5.0, < 2)
    rb-kqueue (0.2.5)
      ffi (>= 0.5.0)
    sass (3.3.14)
    sassy-maps (0.4.0)
      sass (~> 3.3)
    susy (2.1.2)
      sass (~> 3.3.0)
    wdm (0.1.1)

PLATFORMS
  ruby
  x64-mingw32

DEPENDENCIES
  breakpoint
  compass (= 1.0.0.alpha.19)
  compass-core
  sass
  sassy-maps
  susy (= 2.1.2)
  wdm

BUNDLED WITH
   1.15.4
